GEM
  remote: https://rubygems.org/
  specs:
    awesome_print (1.9.2)
    byebug (11.1.3)
    cgi (0.4.1)
    charlock_holmes (0.7.7)
    github-linguist (7.28.0)
      cgi
      charlock_holmes (~> 0.7.7)
      mini_mime (~> 1.0)
      rugged (~> 1.0)
    httparty (0.21.0)
      mini_mime (>= 1.0.0)
      multi_xml (>= 0.5.2)
    mini_mime (1.1.5)
    multi_xml (0.6.0)
    parallel (1.24.0)
    rugged (1.7.1)

PLATFORMS
  x86_64-darwin-20
  x86_64-darwin-22

DEPENDENCIES
  awesome_print (~> 1.9, >= 1.9.2)
  byebug (~> 11.1, >= 11.1.3)
  github-linguist (~> 7.28)
  httparty (~> 0.21.0)
  parallel (~> 1.24)

BUNDLED WITH
   2.2.26
